GEM
  remote: http://rubygems.org/
  specs:
    addressable (2.2.3)
    crack (0.4.5)
      rexml
    diff-lcs (1.1.2)
    git (1.2.5)
    hashie (0.4.0)
    httparty (0.21.0)
      mini_mime (>= 1.0.0)
      multi_xml (>= 0.5.2)
    jeweler (1.8.3)
      bundler (~> 1.0)
      git (>= 1.2.5)
      rake
      rdoc
    json (1.5.1)
    mini_mime (1.1.2)
    multi_xml (0.6.0)
    rake (0.9.2.2)
    rcov (0.9.9)
    rdoc (3.12)
      json (~> 1.4)
    rexml (3.2.5)
    rspec (2.3.0)
      rspec-core (~> 2.3.0)
      rspec-expectations (~> 2.3.0)
      rspec-mocks (~> 2.3.0)
    rspec-core (2.3.1)
    rspec-expectations (2.3.0)
      diff-lcs (~> 1.1.2)
    rspec-mocks (2.3.0)
    vcr (1.5.1)
    webmock (1.6.2)
      addressable (>= 2.2.2)
      crack (>= 0.1.7)
    yard (0.6.4)

PLATFORMS
  ruby

DEPENDENCIES
  hashie
  httparty
  jeweler (~> 1.8.3)
  json
  rcov
  rspec (~> 2.3.0)
  vcr
  webmock
  yard (~> 0.6.0)
